GEM
  remote: http://rubygems.org/
  specs:
    cinch (1.1.3)
    crack (0.1.8)
    diff-lcs (1.1.3)
    filmbuff (0.1.5)
      httparty (~> 0.7.4)
      httparty-icebox (~> 0.0.1)
    httparty (0.7.8)
      crack (= 0.1.8)
    httparty-icebox (0.0.3)
      httparty (~> 0.7.4)
    nokogiri (1.5.0)
    rack (1.4.0)
    rack-protection (1.2.0)
      rack
    rspec (2.8.0)
      rspec-core (~> 2.8.0)
      rspec-expectations (~> 2.8.0)
      rspec-mocks (~> 2.8.0)
    rspec-core (2.8.0)
    rspec-expectations (2.8.0)
      diff-lcs (~> 1.1.2)
    rspec-mocks (2.8.0)
    sinatra (1.3.2)
      rack (~> 1.3, >= 1.3.6)
      rack-protection (~> 1.2)
      tilt (~> 1.3, >= 1.3.3)
    tilt (1.3.3)

PLATFORMS
  ruby

DEPENDENCIES
  cinch
  filmbuff
  nokogiri
  rspec
  sinatra
